GEM
  remote: https://rubygems.org/
  specs:
    coffee-script (2.2.0)
      coffee-script-source
      execjs
    coffee-script-source (1.7.0)
    execjs (2.2.0)
    rubyzip (1.1.4)

PLATFORMS
  ruby

DEPENDENCIES
  coffee-script
  rubyzip
